{
  "InstitutionName": "Univesity of Florida, Gainesville",
  "InstitutionalDepartmentName": "Biomedical Engineering",
  "TaskName": "treadmill16flow00",
  "PowerLineFrequency": 60,
  "TaskDescription": "Treadmillw walking speed and speed of visual flow (00)",
  "EEGChannelCount": 120,
  "EMGChannelCount": 8,
  "MiscChannelCount": 137,
  "EEGReference": "CPz",
  "RecordingType": "continuous",
  "RecordingDuration": 174.002,
  "SamplingFrequency": 500,
  "SoftwareFilters": "n/a"
}